GIT
  remote: https://github.com/jekyll/jekyll-feed.git
  revision: dd658bbeadf2db233920da210cc4000552365fbe
  specs:
    jekyll-feed (0.17.0)
      jekyll (>= 3.7, < 5.0)

GIT
  remote: https://github.com/jekyll/jekyll-paginate.git
  revision: 9aa903799f85c8572c2a5977266b194bc6741201
  specs:
    jekyll-paginate (1.1.0)

GIT
  remote: https://github.com/jekyll/jekyll-redirect-from.git
  revision: 6a751b274300ece194d8ba7cea934c396dff6163
  specs:
    jekyll-redirect-from (0.16.0)
      jekyll (>= 3.3, < 5.0)

GIT
  remote: https://github.com/jekyll/jekyll-seo-tag.git
  revision: db0e6392591a13e33339ee250a2861fc01646146
  specs:
    jekyll-seo-tag (2.8.0)
      jekyll (>= 3.8, < 5.0)

GIT
  remote: https://github.com/jekyll/jekyll-sitemap.git
  revision: 99148a2255a2b3a8d2b31ba8216945262981b12c
  specs:
    jekyll-sitemap (1.4.0)
      jekyll (>= 3.7, < 5.0)

GEM
  remote: https://rubygems.org/
  specs:
    addressable (2.8.4)
      public_suffix (>= 2.0.2, < 6.0)
    colorator (1.1.0)
    concurrent-ruby (1.2.2)
    em-websocket (0.5.3)
      eventmachine (>= 0.12.9)
      http_parser.rb (~> 0)
    eventmachine (1.2.7)
    ffi (1.15.5)
    forwardable-extended (2.6.0)
    google-protobuf (3.22.3-x86_64-linux)
    http_parser.rb (0.8.0)
    i18n (1.12.0)
      concurrent-ruby (~> 1.0)
    jekyll (4.3.2)
      addressable (~> 2.4)
      colorator (~> 1.0)
      em-websocket (~> 0.5)
      i18n (~> 1.0)
      jekyll-sass-converter (>= 2.0, < 4.0)
      jekyll-watch (~> 2.0)
      kramdown (~> 2.3, >= 2.3.1)
      kramdown-parser-gfm (~> 1.0)
      liquid (~> 4.0)
      mercenary (>= 0.3.6, < 0.5)
      pathutil (~> 0.9)
      rouge (>= 3.0, < 5.0)
      safe_yaml (~> 1.0)
      terminal-table (>= 1.8, < 4.0)
      webrick (~> 1.7)
    jekyll-sass-converter (3.0.0)
      sass-embedded (~> 1.54)
    jekyll-tagging-related_posts (1.3.0)
      jekyll (>= 3.9, < 5.0)
    jekyll-watch (2.2.1)
      listen (~> 3.0)
    kramdown (2.4.0)
      rexml
    kramdown-parser-gfm (1.1.0)
      kramdown (~> 2.0)
    liquid (4.0.4)
    listen (3.8.0)
      rb-fsevent (~> 0.10, >= 0.10.3)
      rb-inotify (~> 0.9, >= 0.9.10)
    mercenary (0.4.0)
    minima (2.5.1)
      jekyll (>= 3.5, < 5.0)
      jekyll-feed (~> 0.9)
      jekyll-seo-tag (~> 2.1)
    pathutil (0.16.2)
      forwardable-extended (~> 2.6)
    public_suffix (5.0.1)
    rb-fsevent (0.11.2)
    rb-inotify (0.10.1)
      ffi (~> 1.0)
    rexml (3.2.5)
    rouge (4.1.0)
    safe_yaml (1.0.5)
    sass-embedded (1.62.0-x86_64-linux-gnu)
      google-protobuf (~> 3.21)
    terminal-table (3.0.2)
      unicode-display_width (>= 1.1.1, < 3)
    unicode-display_width (2.4.2)
    webrick (1.8.1)

PLATFORMS
  x86_64-linux

DEPENDENCIES
  http_parser.rb (~> 0.6.0)
  jekyll (~> 4.3.2)
  jekyll-feed!
  jekyll-paginate!
  jekyll-redirect-from!
  jekyll-seo-tag!
  jekyll-sitemap!
  jekyll-tagging-related_posts
  kramdown (>= 2.3.1)
  minima (~> 2.5)
  tzinfo (>= 1, < 3)
  tzinfo-data
  wdm (~> 0.1.1)

BUNDLED WITH
   2.3.26
